PATH
  remote: .
  specs:
    ruby_ftk (0.0.1)
      logger
      mediashelf-loggable

GEM
  remote: http://rubygems.org/
  specs:
    RedCloth (4.2.7)
    columnize (0.3.4)
    linecache (0.46)
      rbx-require-relative (> 0.0.4)
    logger (1.2.8)
    mediashelf-loggable (0.4.7)
    mocha (0.9.12)
    rack (1.3.2)
    rbx-require-relative (0.0.5)
    rcov (0.9.10)
    rspec (1.3.2)
    rspec-rails (1.3.4)
      rack (>= 1.0.0)
      rspec (~> 1.3.1)
    ruby-debug (0.10.4)
      columnize (>= 0.1)
      ruby-debug-base (~> 0.10.4.0)
    ruby-debug-base (0.10.4)
      linecache (>= 0.3)
    yard (0.6.5)

PLATFORMS
  ruby

DEPENDENCIES
  RedCloth
  mocha
  rcov
  rspec (< 2.0)
  rspec-rails (< 2.0.0)
  ruby-debug
  ruby-debug-base
  ruby_ftk!
  yard (= 0.6.5)
