PATH
  remote: .
  specs:
    ruby_ftk (0.0.1)
      active-fedora
      logger
      mediashelf-loggable
      nokogiri

GEM
  remote: http://rubygems.org/
  specs:
    RedCloth (4.2.7)
    active-fedora (2.3.3)
      activeresource
      equivalent-xml
      facets
      mediashelf-loggable
      mime-types (>= 1.16)
      multipart-post
      nokogiri
      om (>= 1.0)
      solr-ruby (>= 0.0.6)
      solrizer (> 1.0.0)
      xml-simple (>= 1.0.12)
    activemodel (3.0.9)
      activesupport (= 3.0.9)
      builder (~> 2.1.2)
      i18n (~> 0.5.0)
    activeresource (3.0.9)
      activemodel (= 3.0.9)
      activesupport (= 3.0.9)
    activesupport (3.0.9)
    builder (2.1.2)
    columnize (0.3.4)
    daemons (1.1.4)
    equivalent-xml (0.2.7)
      nokogiri (>= 1.4.3)
    facets (2.9.1)
    i18n (0.5.0)
    linecache (0.46)
      rbx-require-relative (> 0.0.4)
    logger (1.2.8)
    mediashelf-loggable (0.4.7)
    mime-types (1.16)
    mocha (0.9.12)
    multipart-post (1.1.3)
    nokogiri (1.5.0)
    om (1.3.0)
      nokogiri (>= 1.4.2)
    rack (1.3.2)
    rbx-require-relative (0.0.5)
    rcov (0.9.10)
    rspec (1.3.2)
    rspec-rails (1.3.4)
      rack (>= 1.0.0)
      rspec (~> 1.3.1)
    ruby-debug (0.10.4)
      columnize (>= 0.1)
      ruby-debug-base (~> 0.10.4.0)
    ruby-debug-base (0.10.4)
      linecache (>= 0.3)
    solr-ruby (0.0.8)
    solrizer (1.1.0)
      daemons
      mediashelf-loggable
      nokogiri
      om (>= 1.0.0)
      stomp
      xml-simple
    stomp (1.1.9)
    xml-simple (1.1.0)
    yard (0.6.5)

PLATFORMS
  ruby

DEPENDENCIES
  RedCloth
  mocha
  rcov
  rspec (< 2.0)
  rspec-rails (< 2.0.0)
  ruby-debug
  ruby-debug-base
  ruby_ftk!
  yard (= 0.6.5)
